PATH
  remote: .
  specs:
    pretty_bunny (0.1.2)

GEM
  remote: https://rubygems.org/
  specs:
    rake (10.5.0)

PLATFORMS
  ruby

DEPENDENCIES
  bundler (~> 1.17)
  pretty_bunny!
  rake (~> 10.0)

BUNDLED WITH
   1.17.1
